GEM
  remote: http://rubygems.org/
  specs:
    chunky_png (1.1.2)
    compass (0.11.0)
      chunky_png (~> 1.1.1)
      fssm (>= 0.2.7)
      sass (>= 3.1.0.alpha.249)
    fssm (0.2.9)
    haml (3.0.25)
    rack (1.2.2)
    sass (3.1.0.alpha.252)
    sinatra (1.2.2)
      rack (~> 1.1)
      tilt (>= 1.2.2, < 2.0)
    tilt (1.2.2)

PLATFORMS
  ruby

DEPENDENCIES
  compass
  haml
  sass
  sinatra
