GEM
  remote: http://rubygems.org/
  specs:
    haml (3.0.25)
    rack (1.2.2)
    sass (3.1.0.alpha.252)
    sinatra (1.2.2)
      rack (~> 1.1)
      tilt (>= 1.2.2, < 2.0)
    tilt (1.2.2)

PLATFORMS
  ruby

DEPENDENCIES
  haml
  sass
  sinatra
